PATH
  remote: .
  specs:
    sicily (0.1.8)
      concurrent-ruby (~> 1.0.5)
      exifr (~> 1.3.3)
      fastimage (~> 2.1.1)
      god (~> 0.13.7)
      listen (~> 3.1.5)
      mini_magick (~> 4.8.0)
      terminal-notifier (~> 2.0.0)
      whenever (~> 0.10.0)

GEM
  remote: https://rubygems.org/
  specs:
    chronic (0.10.2)
    concurrent-ruby (1.0.5)
    diff-lcs (1.3)
    exifr (1.3.3)
    fastimage (2.1.1)
    ffi (1.9.23)
    god (0.13.7)
    listen (3.1.5)
      rb-fsevent (~> 0.9, >= 0.9.4)
      rb-inotify (~> 0.9, >= 0.9.7)
      ruby_dep (~> 1.2)
    mini_magick (4.8.0)
    rake (10.5.0)
    rb-fsevent (0.10.3)
    rb-inotify (0.9.10)
      ffi (>= 0.5.0, < 2)
    rspec (3.7.0)
      rspec-core (~> 3.7.0)
      rspec-expectations (~> 3.7.0)
      rspec-mocks (~> 3.7.0)
    rspec-core (3.7.1)
      rspec-support (~> 3.7.0)
    rspec-expectations (3.7.0)
      diff-lcs (>= 1.2.0, < 2.0)
      rspec-support (~> 3.7.0)
    rspec-mocks (3.7.0)
      diff-lcs (>= 1.2.0, < 2.0)
      rspec-support (~> 3.7.0)
    rspec-support (3.7.1)
    ruby_dep (1.5.0)
    terminal-notifier (2.0.0)
    whenever (0.10.0)
      chronic (>= 0.6.3)

PLATFORMS
  ruby

DEPENDENCIES
  bundler (~> 1.16)
  rake (~> 10.0)
  rspec (~> 3.0)
  sicily!

BUNDLED WITH
   1.16.1
